GEM
  remote: https://rubygems.org/
  specs:
    cpf_utils (1.0.0)
    faker (1.6.6)
      i18n (~> 0.5)
    i18n (0.7.0)

PLATFORMS
  ruby

DEPENDENCIES
  cpf_utils (= 1.0.0)
  faker

BUNDLED WITH
   1.13.6
